GEM
  remote: https://rubygems.org/
  specs:
    Ascii85 (1.0.1)
    coderay (1.0.5)
    diff-lcs (1.1.3)
    method_source (0.7.1)
    pdf-reader (1.1.0)
      Ascii85 (~> 1.0.0)
      ruby-rc4
    pry (0.9.8.4)
      coderay (~> 1.0.5)
      method_source (~> 0.7.1)
      slop (>= 2.4.4, < 3)
    rspec (2.9.0)
      rspec-core (~> 2.9.0)
      rspec-expectations (~> 2.9.0)
      rspec-mocks (~> 2.9.0)
    rspec-core (2.9.0)
    rspec-expectations (2.9.1)
      diff-lcs (~> 1.1.3)
    rspec-mocks (2.9.0)
    ruby-rc4 (0.1.5)
    slop (2.4.4)

PLATFORMS
  ruby

DEPENDENCIES
  pdf-reader
  pry
  rspec
